GEM
  remote: https://rubygems.org/
  specs:
    addressable (2.7.0)
      public_suffix (>= 2.0.2, < 5.0)
    aws-sdk (1.30.0)
      json (~> 1.4)
      nokogiri (>= 1.4.4)
      uuidtools (~> 2.1)
    capistrano (2.15.4)
      highline
      net-scp (>= 1.0.0)
      net-sftp (>= 2.0.0)
      net-ssh (>= 2.0.14)
      net-ssh-gateway (>= 1.1.0)
    capistrano-s3 (0.2.7)
      aws-sdk
      capistrano
      mime-types
    colorator (1.1.0)
    ffi (1.14.2)
    forwardable-extended (2.6.0)
    highline (2.0.3)
    jekyll (3.6.3)
      addressable (~> 2.4)
      colorator (~> 1.0)
      jekyll-sass-converter (~> 1.0)
      jekyll-watch (~> 1.1)
      kramdown (~> 1.14)
      liquid (~> 4.0)
      mercenary (~> 0.3.3)
      pathutil (~> 0.9)
      rouge (>= 1.7, < 3)
      safe_yaml (~> 1.0)
    jekyll-sass-converter (1.5.2)
      sass (~> 3.4)
    jekyll-watch (1.5.1)
      listen (~> 3.0)
    json (1.8.1)
    kramdown (1.17.0)
    liquid (4.0.3)
    listen (3.4.1)
      rb-fsevent (~> 0.10, >= 0.10.3)
      rb-inotify (~> 0.9, >= 0.9.10)
    mercenary (0.3.6)
    mime-types (2.0)
    mini_portile (0.5.2)
    net-scp (1.1.2)
      net-ssh (>= 2.6.5)
    net-sftp (2.1.2)
      net-ssh (>= 2.6.5)
    net-ssh (2.7.0)
    net-ssh-gateway (1.2.0)
      net-ssh (>= 2.6.5)
    nokogiri (1.6.1)
      mini_portile (~> 0.5.0)
    pathutil (0.16.2)
      forwardable-extended (~> 2.6)
    public_suffix (4.0.6)
    rb-fsevent (0.10.4)
    rb-inotify (0.10.1)
      ffi (~> 1.0)
    rouge (2.2.1)
    safe_yaml (1.0.5)
    sass (3.7.4)
      sass-listen (~> 4.0.0)
    sass-listen (4.0.0)
      rb-fsevent (~> 0.9, >= 0.9.4)
      rb-inotify (~> 0.9, >= 0.9.7)
    uuidtools (2.1.4)

PLATFORMS
  ruby

DEPENDENCIES
  capistrano (= 2.15.4)
  capistrano-s3
  jekyll
